GEM
  remote: http://rubygems.org/
  specs:
    coderay (1.0.9)
    daemons (1.1.9)
    eventmachine (1.0.3)
    faraday (0.8.8)
      multipart-post (~> 1.2.0)
    httpauth (0.2.0)
    jwt (0.1.8)
      multi_json (>= 1.5)
    method_source (0.8.2)
    multi_json (1.7.9)
    multi_xml (0.5.5)
    multipart-post (1.2.0)
    oauth2 (0.9.2)
      faraday (~> 0.8)
      httpauth (~> 0.2)
      jwt (~> 0.1.4)
      multi_json (~> 1.0)
      multi_xml (~> 0.5)
      rack (~> 1.2)
    pry (0.9.12.2)
      coderay (~> 1.0.5)
      method_source (~> 0.8)
      slop (~> 3.4)
    rack (1.5.2)
    rack-flash3 (1.0.3)
      rack
      rack
    rack-protection (1.5.0)
      rack
    sinatra (1.4.3)
      rack (~> 1.4)
      rack-protection (~> 1.4)
      tilt (~> 1.3, >= 1.3.4)
    slop (3.4.6)
    thin (1.5.1)
      daemons (>= 1.0.9)
      eventmachine (>= 0.12.6)
      rack (>= 1.0.0)
    tilt (1.4.1)

PLATFORMS
  ruby

DEPENDENCIES
  oauth2
  pry
  rack-flash3
  sinatra
  thin
